GEM
  remote: http://rubygems.org/
  specs:
    coderay (0.9.8)
    colored (1.2)
    diff-lcs (1.1.3)
    git-up (0.5.1)
      colored (>= 1.2)
      grit
    grit (2.4.1)
      diff-lcs (~> 1.1)
      mime-types (~> 1.15)
    growl (1.0.3)
    json (1.6.1)
    method_source (0.6.7)
      ruby_parser (>= 2.3.1)
    mime-types (1.17.2)
    powify (0.8.2)
      json
      rake
      rdoc
    pry (0.9.7.3)
      coderay (~> 0.9.8)
      method_source (~> 0.6.7)
      ruby_parser (>= 2.3.1)
      slop (~> 2.1.0)
    pry-doc (0.3.0)
      pry (>= 0.9.0)
      yard (>= 0.6.4)
    rake (0.9.2)
    rb-fsevent (0.4.3.1)
    rdoc (3.11)
      json (~> 1.4)
    ruby_parser (2.3.1)
      sexp_processor (~> 3.0)
    sexp_processor (3.0.7)
    slop (2.1.0)
    yard (0.7.3)

PLATFORMS
  ruby

DEPENDENCIES
  git-up
  growl
  json (= 1.6.1)
  powify
  pry (= 0.9.7.3)
  pry-doc
  rake (= 0.9.2)
  rb-fsevent (= 0.4.3.1)
  rdoc (= 3.11)
  ruby_parser (= 2.3.1)
  sexp_processor (= 3.0.7)
