GEM
  remote: http://rubygems.org/
  specs:
    addressable (2.2.6)
    coderay (0.9.8)
    colored (1.2)
    diff-lcs (1.1.3)
    git-up (0.5.1)
      colored (>= 1.2)
      grit
    grit (2.4.1)
      diff-lcs (~> 1.1)
      mime-types (~> 1.15)
    growl (1.0.3)
    heroku (2.16.2)
      launchy (>= 0.3.2)
      rest-client (~> 1.6.1)
      rubyzip
      term-ansicolor (~> 1.0.5)
    htty (1.3.4)
      mime-types
    json (1.6.1)
    launchy (2.0.5)
      addressable (~> 2.2.6)
    method_source (0.6.7)
      ruby_parser (>= 2.3.1)
    mime-types (1.17.2)
    powify (0.8.2)
      json
      rake
      rdoc
    pry (0.9.7.4)
      coderay (~> 0.9.8)
      method_source (~> 0.6.7)
      ruby_parser (>= 2.3.1)
      slop (~> 2.1.0)
    pry-doc (0.3.0)
      pry (>= 0.9.0)
      yard (>= 0.6.4)
    rake (0.9.2)
    rb-fsevent (0.4.3.1)
    rdoc (3.11)
      json (~> 1.4)
    rest-client (1.6.7)
      mime-types (>= 1.16)
    ruby_parser (2.3.1)
      sexp_processor (~> 3.0)
    rubyzip (0.9.5)
    sexp_processor (3.0.7)
    slop (2.1.0)
    term-ansicolor (1.0.7)
    yard (0.7.3)

PLATFORMS
  ruby

DEPENDENCIES
  git-up
  growl
  heroku
  htty
  json (= 1.6.1)
  powify
  pry (= 0.9.7.4)
  pry-doc
  rake (= 0.9.2)
  rb-fsevent (= 0.4.3.1)
  rdoc (= 3.11)
  ruby_parser (= 2.3.1)
  sexp_processor (= 3.0.7)
