GEM
  remote: http://rubygems.org/
  specs:
    addressable (2.3.2)
    coderay (1.0.7)
    colored (1.2)
    diff-lcs (1.1.3)
    excon (0.16.2)
    foreman (0.57.0)
      thor (>= 0.13.6)
    git-up (0.5.5)
      colored (>= 1.2)
      grit
    git_tracker (1.4.0)
    grit (2.5.0)
      diff-lcs (~> 1.1)
      mime-types (~> 1.15)
      posix-spawn (~> 0.3.6)
    growl (1.0.3)
    heroku (2.31.2)
      heroku-api (~> 0.3.4)
      launchy (>= 0.3.2)
      netrc (~> 0.7.7)
      rest-client (~> 1.6.1)
      rubyzip
    heroku-api (0.3.5)
      excon (~> 0.16.1)
    htty (1.4.0)
      mime-types (~> 1)
    json (1.5.4)
    launchy (2.1.2)
      addressable (~> 2.3)
    method_source (0.8)
    mime-types (1.19)
    netrc (0.7.7)
    posix-spawn (0.3.6)
    powify (0.8.5)
      json
    pry (0.9.10)
      coderay (~> 1.0.5)
      method_source (~> 0.8)
      slop (~> 3.3.1)
    pry-doc (0.4.4)
      pry (>= 0.9.9.6)
      yard (~> 0.8.1)
    rake (0.9.2.2)
    rb-fsevent (0.9.1)
    rcodetools (0.8.5.0)
    rest-client (1.6.7)
      mime-types (>= 1.16)
    rubyzip (0.9.9)
    slop (3.3.3)
    thor (0.16.0)
    yard (0.8.2.1)

PLATFORMS
  ruby

DEPENDENCIES
  foreman
  git-up
  git_tracker
  growl
  heroku
  htty
  powify
  pry
  pry-doc
  rake
  rb-fsevent
  rcodetools
