GEM
  remote: https://rubygems.org/
  specs:
    addressable (2.3.6)
    coderay (1.1.0)
    colored (1.2)
    diff-lcs (1.2.5)
    dotenv (0.11.1)
      dotenv-deployment (~> 0.0.2)
    dotenv-deployment (0.0.2)
    eventmachine (1.0.3)
    excon (0.41.0)
    foreman (0.75.0)
      dotenv (~> 0.11.1)
      thor (~> 0.19.1)
    git-up (0.5.12)
      colored (>= 1.2)
      grit
    git_tracker (1.6.3)
    grit (2.5.0)
      diff-lcs (~> 1.1)
      mime-types (~> 1.15)
      posix-spawn (~> 0.3.6)
    growl (1.0.3)
    heroku (3.15.2)
      heroku-api (~> 0.3.19)
      launchy (>= 0.3.2)
      multi_json (~> 1.10.1)
      netrc (~> 0.7.7)
      rest-client (= 1.6.7)
      rubyzip (= 0.9.9)
    heroku-api (0.3.19)
      excon (~> 0.38)
      multi_json (~> 1.8)
    htty (1.5.0)
      mime-types (~> 1)
    launchy (2.4.3)
      addressable (~> 2.3)
    method_source (0.8.2)
    mime-types (1.25.1)
    multi_json (1.10.1)
    netrc (0.7.9)
    posix-spawn (0.3.9)
    powify (0.9.2)
    pry (0.10.1)
      coderay (~> 1.1.0)
      method_source (~> 0.8.1)
      slop (~> 3.4)
    pry-doc (0.6.0)
      pry (~> 0.9)
      yard (~> 0.8)
    rake (10.3.2)
    rb-fsevent (0.9.4)
    rcodetools (0.8.5.0)
    rest-client (1.6.7)
      mime-types (>= 1.16)
    rubyzip (0.9.9)
    slop (3.6.0)
    thor (0.19.1)
    tunnels (1.2.2)
      eventmachine
    yard (0.8.7.6)

PLATFORMS
  ruby

DEPENDENCIES
  foreman
  git-up
  git_tracker
  growl
  heroku
  htty
  powify
  pry
  pry-doc
  rake
  rb-fsevent
  rcodetools
  tunnels
