GEM
  remote: https://rubygems.org/
  specs:
    addressable (2.3.5)
    coderay (1.1.0)
    colored (1.2)
    diff-lcs (1.2.5)
    dotenv (0.9.0)
    eventmachine (1.0.3)
    excon (0.25.3)
    foreman (0.63.0)
      dotenv (>= 0.7)
      thor (>= 0.13.6)
    git-up (0.5.12)
      colored (>= 1.2)
      grit
    git_tracker (1.6.1)
    grit (2.5.0)
      diff-lcs (~> 1.1)
      mime-types (~> 1.15)
      posix-spawn (~> 0.3.6)
    growl (1.0.3)
    heroku (3.2.1)
      heroku-api (~> 0.3.7)
      launchy (>= 0.3.2)
      netrc (~> 0.7.7)
      rest-client (~> 1.6.1)
      rubyzip
    heroku-api (0.3.15)
      excon (~> 0.25.1)
    htty (1.4.1)
      mime-types (~> 1)
    json (1.8.1)
    launchy (2.4.2)
      addressable (~> 2.3)
    localtunnel (0.3)
      json (>= 1.2.4)
      net-ssh (>= 2.0.22)
      net-ssh-gateway (>= 1.0.1)
    method_source (0.8.2)
    mime-types (1.25.1)
    net-ssh (2.7.0)
    net-ssh-gateway (1.2.0)
      net-ssh (>= 2.6.5)
    netrc (0.7.7)
    posix-spawn (0.3.8)
    powify (0.8.5)
      json
    pry (0.9.12.4)
      coderay (~> 1.0)
      method_source (~> 0.8)
      slop (~> 3.4)
    pry-doc (0.5.1)
      pry (>= 0.9)
      yard (>= 0.8)
    rake (10.1.1)
    rb-fsevent (0.9.4)
    rcodetools (0.8.5.0)
    rest-client (1.6.7)
      mime-types (>= 1.16)
    rubyzip (1.1.0)
    slop (3.4.7)
    thor (0.18.1)
    tunnels (1.2.2)
      eventmachine
    yard (0.8.7.3)

PLATFORMS
  ruby

DEPENDENCIES
  foreman
  git-up
  git_tracker
  growl
  heroku
  htty
  localtunnel
  powify
  pry
  pry-doc
  rake
  rb-fsevent
  rcodetools
  tunnels
