GEM
  remote: http://rubygems.org/
  specs:
    addressable (2.2.8)
    archive-tar-minitar (0.5.2)
    childprocess (0.3.3)
      ffi (~> 1.0.6)
    coderay (1.0.7)
    colored (1.2)
    diff-lcs (1.1.3)
    erubis (2.7.0)
    excon (0.15.3)
    ffi (1.0.11)
    foreman (0.51.0)
      thor (>= 0.13.6)
    git-up (0.5.5)
      colored (>= 1.2)
      grit
    git_tracker (1.4.0)
    grit (2.5.0)
      diff-lcs (~> 1.1)
      mime-types (~> 1.15)
      posix-spawn (~> 0.3.6)
    growl (1.0.3)
    heroku (2.28.15)
      heroku-api (~> 0.2.12)
      launchy (>= 0.3.2)
      netrc (~> 0.7.5)
      rest-client (~> 1.6.1)
      rubyzip
    heroku-api (0.2.12)
      excon (~> 0.15.3)
    htty (1.4.0)
      mime-types (~> 1)
    i18n (0.6.0)
    json (1.5.4)
    launchy (2.1.0)
      addressable (~> 2.2.6)
    log4r (1.1.10)
    method_source (0.8)
    mime-types (1.19)
    net-scp (1.0.4)
      net-ssh (>= 1.99.1)
    net-ssh (2.2.2)
    netrc (0.7.5)
    posix-spawn (0.3.6)
    powify (0.8.5)
      json
    pry (0.9.10)
      coderay (~> 1.0.5)
      method_source (~> 0.8)
      slop (~> 3.3.1)
    pry-doc (0.4.4)
      pry (>= 0.9.9.6)
      yard (~> 0.8.1)
    rake (0.9.2.2)
    rb-fsevent (0.9.1)
    rcodetools (0.8.5.0)
    rest-client (1.6.7)
      mime-types (>= 1.16)
    rubyzip (0.9.9)
    slop (3.3.2)
    thor (0.15.4)
    vagrant (0.9.7)
      archive-tar-minitar (= 0.5.2)
      childprocess (~> 0.3.1)
      erubis (~> 2.7.0)
      i18n (~> 0.6.0)
      json (~> 1.5.1)
      log4r (~> 1.1.9)
      net-scp (~> 1.0.4)
      net-ssh (~> 2.2.2)
    yard (0.8.2.1)

PLATFORMS
  ruby

DEPENDENCIES
  foreman
  git-up
  git_tracker
  growl
  heroku
  htty
  powify
  pry
  pry-doc
  rake
  rb-fsevent
  rcodetools
  vagrant (~> 0.9.7)
