GEM
  remote: http://rubygems.org/
  specs:
    addressable (2.2.7)
    archive-tar-minitar (0.5.2)
    childprocess (0.3.1)
      ffi (~> 1.0.6)
    coderay (1.0.5)
    colored (1.2)
    diff-lcs (1.1.3)
    erubis (2.7.0)
    ffi (1.0.11)
    git-up (0.5.2)
      colored (>= 1.2)
      grit
    grit (2.4.1)
      diff-lcs (~> 1.1)
      mime-types (~> 1.15)
    growl (1.0.3)
    heroku (2.22.0)
      launchy (>= 0.3.2)
      netrc (~> 0.7.1)
      rest-client (~> 1.6.1)
      rubyzip
    htty (1.4.0)
      mime-types (~> 1)
    i18n (0.6.0)
    json (1.5.4)
    launchy (2.1.0)
      addressable (~> 2.2.6)
    log4r (1.1.10)
    method_source (0.7.1)
    mime-types (1.18)
    net-scp (1.0.4)
      net-ssh (>= 1.99.1)
    net-ssh (2.2.2)
    netrc (0.7.1)
    powify (0.8.5)
      json
    pry (0.9.8.4)
      coderay (~> 1.0.5)
      method_source (~> 0.7.1)
      slop (>= 2.4.4, < 3)
    pry-doc (0.4.1)
      pry (>= 0.9.0)
      yard (~> 0.7.4)
    rake (0.9.2)
    rb-fsevent (0.9.0)
    rcodetools (0.8.5.0)
    rest-client (1.6.7)
      mime-types (>= 1.16)
    rubyzip (0.9.6.1)
    slop (2.4.4)
    vagrant (0.9.7)
      archive-tar-minitar (= 0.5.2)
      childprocess (~> 0.3.1)
      erubis (~> 2.7.0)
      i18n (~> 0.6.0)
      json (~> 1.5.1)
      log4r (~> 1.1.9)
      net-scp (~> 1.0.4)
      net-ssh (~> 2.2.2)
    yard (0.7.5)

PLATFORMS
  ruby

DEPENDENCIES
  git-up
  growl
  heroku
  htty
  powify
  pry
  pry-doc
  rake (= 0.9.2)
  rb-fsevent
  rcodetools
  vagrant (~> 0.9.7)
